GIT
  remote: https://github.com/blackerhand/http-store
  revision: 09f3104faf8976c80d1309be7063e409edc3d7fa
  specs:
    http_store (0.5.3)
      activerecord (>= 5.0, < 6.1)
      hashie (~> 3.0)
      rails (>= 5, < 7)
      rest-client (~> 2.0)

GIT
  remote: https://github.com/seuros/capistrano-sidekiq.git
  revision: 9caad25d35b0060d9d0821a5db1f4718b8d2f13e
  specs:
    capistrano-sidekiq (1.0.2)
      capistrano (>= 3.9.0)
      sidekiq (>= 3.4)

GEM
  remote: https://rubygems.org/
  specs:
    aasm (4.12.3)
      concurrent-ruby (~> 1.0)
    action-store (0.4.4)
      rails (>= 5, < 7)
    actioncable (5.2.3)
      actionpack (= 5.2.3)
      nio4r (~> 2.0)
      websocket-driver (>= 0.6.1)
    actionmailer (5.2.3)
      actionpack (= 5.2.3)
      actionview (= 5.2.3)
      activejob (= 5.2.3)
      mail (~> 2.5, >= 2.5.4)
      rails-dom-testing (~> 2.0)
    actionpack (5.2.3)
      actionview (= 5.2.3)
      activesupport (= 5.2.3)
      rack (~> 2.0)
      rack-test (>= 0.6.3)
      rails-dom-testing (~> 2.0)
      rails-html-sanitizer (~> 1.0, >= 1.0.2)
    actionview (5.2.3)
      activesupport (= 5.2.3)
      builder (~> 3.1)
      erubi (~> 1.4)
      rails-dom-testing (~> 2.0)
      rails-html-sanitizer (~> 1.0, >= 1.0.3)
    activejob (5.2.3)
      activesupport (= 5.2.3)
      globalid (>= 0.3.6)
    activemodel (5.2.3)
      activesupport (= 5.2.3)
    activerecord (5.2.3)
      activemodel (= 5.2.3)
      activesupport (= 5.2.3)
      arel (>= 9.0)
    activestorage (5.2.3)
      actionpack (= 5.2.3)
      activerecord (= 5.2.3)
      marcel (~> 0.3.1)
    activesupport (5.2.3)
      concurrent-ruby (~> 1.0, >= 1.0.2)
      i18n (>= 0.7, < 2)
      minitest (~> 5.1)
      tzinfo (~> 1.1)
    acts-as-taggable-on (6.5.0)
      activerecord (>= 5.0, < 6.1)
    acts_as_commentable_with_threading (2.0.1)
      activerecord (>= 4.0)
      activesupport (>= 4.0)
      awesome_nested_set (>= 3.0)
    addressable (2.8.1)
      public_suffix (>= 2.0.2, < 6.0)
    airbrussh (1.3.3)
      sshkit (>= 1.6.1, != 1.7.0)
    annotate (3.0.3)
      activerecord (>= 3.2, < 7.0)
      rake (>= 10.4, < 14.0)
    arel (9.0.0)
    ast (2.4.0)
    awesome_nested_set (3.5.0)
      activerecord (>= 4.0.0, < 7.1)
    awesome_print (1.8.0)
    axiom-types (0.1.1)
      descendants_tracker (~> 0.0.4)
      ice_nine (~> 0.11.0)
      thread_safe (~> 0.3, >= 0.3.1)
    backports (3.15.0)
    bcrypt (3.1.12)
    bcrypt_pbkdf (1.0.1)
    bootsnap (1.4.4)
      msgpack (~> 1.0)
    bugsnag (6.12.2)
      concurrent-ruby (~> 1.0)
    builder (3.2.3)
    byebug (11.0.1)
    capistrano (3.11.1)
      airbrussh (>= 1.0.0)
      i18n
      rake (>= 10.0.0)
      sshkit (>= 1.9.0)
    capistrano-bundler (1.6.0)
      capistrano (~> 3.1)
    capistrano-rails (1.4.0)
      capistrano (~> 3.1)
      capistrano-bundler (~> 1.1)
    capistrano-rvm (0.1.2)
      capistrano (~> 3.0)
      sshkit (~> 1.2)
    capistrano3-puma (3.1.1)
      capistrano (~> 3.7)
      capistrano-bundler
      puma (~> 3.4)
    capybara (3.15.1)
      addressable
      mini_mime (>= 0.1.3)
      nokogiri (~> 1.8)
      rack (>= 1.6.0)
      rack-test (>= 0.6.3)
      regexp_parser (~> 1.2)
      xpath (~> 3.2)
    carrierwave (2.2.0)
      activemodel (>= 5.0.0)
      activesupport (>= 5.0.0)
      addressable (~> 2.6)
      image_processing (~> 1.1)
      mimemagic (>= 0.3.0)
      mini_mime (>= 0.1.3)
      ssrf_filter (~> 1.0)
    carrierwave-i18n (0.2.0)
    coderay (1.1.2)
    coercible (1.0.0)
      descendants_tracker (~> 0.0.1)
    concurrent-ruby (1.1.10)
    connection_pool (2.2.2)
    crass (1.0.4)
    cucumber (3.1.2)
      builder (>= 2.1.2)
      cucumber-core (~> 3.2.0)
      cucumber-expressions (~> 6.0.1)
      cucumber-wire (~> 0.0.1)
      diff-lcs (~> 1.3)
      gherkin (~> 5.1.0)
      multi_json (>= 1.7.5, < 2.0)
      multi_test (>= 0.1.2)
    cucumber-api-steps (0.14.0)
      cucumber (>= 2.0.2)
      jsonpath (>= 0.1.2)
    cucumber-core (3.2.1)
      backports (>= 3.8.0)
      cucumber-tag_expressions (~> 1.1.0)
      gherkin (~> 5.0)
    cucumber-expressions (6.0.1)
    cucumber-rails (2.0.0)
      capybara (>= 2.12, < 4)
      cucumber (>= 3.0.2, < 4)
      mime-types (>= 2.0, < 4)
      nokogiri (~> 1.8)
      railties (>= 4.2, < 7)
    cucumber-tag_expressions (1.1.1)
    cucumber-wire (0.0.1)
    database_cleaner (1.7.0)
    descendants_tracker (0.0.4)
      thread_safe (~> 0.3, >= 0.3.1)
    diff-lcs (1.3)
    docile (1.3.2)
    domain_name (0.5.20190701)
      unf (>= 0.0.5, < 1.0.0)
    ed25519 (1.2.4)
    equalizer (0.0.11)
    erubi (1.8.0)
    factory_bot (5.1.1)
      activesupport (>= 4.2.0)
    factory_bot_rails (5.1.1)
      factory_bot (~> 5.1.0)
      railties (>= 4.2.0)
    ffaker (2.11.0)
    ffi (1.15.5)
    figaro (1.2.0)
      thor (>= 0.14.0, < 2)
    gherkin (5.1.0)
    globalid (0.4.2)
      activesupport (>= 4.2.0)
    grape (1.2.4)
      activesupport
      builder
      mustermann-grape (~> 1.0.0)
      rack (>= 1.3.0)
      rack-accept
      virtus (>= 1.0.0)
    grape-entity (0.10.2)
      activesupport (>= 3.0.0)
      multi_json (>= 1.3.2)
    grape-papertrail (0.2.0)
      loofah (~> 2.2.x)
      nokogiri (~> 1.8, >= 1.8.2)
    grape-rails-cache (0.1.2)
      activesupport
      grape
    grape-swagger (0.34.1)
      grape (>= 0.16.2, < 1.3.0)
    grape-swagger-entity (0.3.4)
      grape-entity (>= 0.5.0)
      grape-swagger (>= 0.31.0)
    grape-swagger-rails (0.3.1)
      railties (>= 3.2.12)
    graphiql-rails (1.7.0)
      railties
      sprockets-rails
    graphql (1.13.17)
    hashie (3.6.0)
    hashie-forbidden_attributes (0.1.1)
      hashie (>= 3.0)
    http-accept (1.7.0)
    http-cookie (1.0.5)
      domain_name (~> 0.5)
    i18n (1.12.0)
      concurrent-ruby (~> 1.0)
    ice_nine (0.11.2)
    image_processing (1.12.2)
      mini_magick (>= 4.9.5, < 5)
      ruby-vips (>= 2.0.17, < 3)
    jaro_winkler (1.5.3)
    json (2.2.0)
    jsonpath (1.0.5)
      multi_json
      to_regexp (~> 0.2.1)
    jwt (2.1.0)
    kaminari (0.17.0)
      actionpack (>= 3.0.0)
      activesupport (>= 3.0.0)
    listen (3.1.5)
      rb-fsevent (~> 0.9, >= 0.9.4)
      rb-inotify (~> 0.9, >= 0.9.7)
      ruby_dep (~> 1.2)
    loofah (2.2.3)
      crass (~> 1.0.2)
      nokogiri (>= 1.5.9)
    mail (2.7.1)
      mini_mime (>= 0.1.1)
    marcel (0.3.3)
      mimemagic (~> 0.3.2)
    method_source (0.9.2)
    mime-types (3.3)
      mime-types-data (~> 3.2015)
    mime-types-data (3.2019.1009)
    mimemagic (0.3.10)
      nokogiri (~> 1)
      rake
    mini_magick (4.12.0)
    mini_mime (1.1.2)
    mini_portile2 (2.4.0)
    minitest (5.16.3)
    msgpack (1.3.1)
    multi_json (1.13.1)
    multi_test (0.1.2)
    mustermann (1.0.3)
    mustermann-grape (1.0.0)
      mustermann (~> 1.0.0)
    mysql2 (0.5.2)
    net-scp (2.0.0)
      net-ssh (>= 2.6.5, < 6.0.0)
    net-ssh (5.2.0)
    netrc (0.11.0)
    nio4r (2.4.0)
    nokogiri (1.10.4)
      mini_portile2 (~> 2.4.0)
    paper_trail (10.3.1)
      activerecord (>= 4.2)
      request_store (~> 1.1)
    parallel (1.17.0)
    parser (2.6.3.0)
      ast (~> 2.4.0)
    polyamorous (2.3.2)
      activerecord (>= 5.2.1)
    pry (0.12.2)
      coderay (~> 1.1.0)
      method_source (~> 0.9.0)
    pry-byebug (3.7.0)
      byebug (~> 11.0)
      pry (~> 0.10)
    pry-rails (0.3.9)
      pry (>= 0.10.4)
    public_suffix (5.0.1)
    puma (3.12.1)
    pundit (2.3.0)
      activesupport (>= 3.0.0)
    rack (2.0.7)
    rack-accept (0.4.5)
      rack (>= 0.4)
    rack-cors (1.0.3)
    rack-protection (2.0.7)
      rack
    rack-test (1.1.0)
      rack (>= 1.0, < 3)
    rails (5.2.3)
      actioncable (= 5.2.3)
      actionmailer (= 5.2.3)
      actionpack (= 5.2.3)
      actionview (= 5.2.3)
      activejob (= 5.2.3)
      activemodel (= 5.2.3)
      activerecord (= 5.2.3)
      activestorage (= 5.2.3)
      activesupport (= 5.2.3)
      bundler (>= 1.3.0)
      railties (= 5.2.3)
      sprockets-rails (>= 2.0.0)
    rails-dom-testing (2.0.3)
      activesupport (>= 4.2.0)
      nokogiri (>= 1.6)
    rails-html-sanitizer (1.2.0)
      loofah (~> 2.2, >= 2.2.2)
    rails-i18n (5.1.3)
      i18n (>= 0.7, < 2)
      railties (>= 5.0, < 6)
    railties (5.2.3)
      actionpack (= 5.2.3)
      activesupport (= 5.2.3)
      method_source
      rake (>= 0.8.7)
      thor (>= 0.19.0, < 2.0)
    rainbow (3.0.0)
    rake (12.3.3)
    ransack (2.3.2)
      activerecord (>= 5.2.1)
      activesupport (>= 5.2.1)
      i18n
      polyamorous (= 2.3.2)
    rb-fsevent (0.10.3)
    rb-inotify (0.10.0)
      ffi (~> 1.0)
    redis (4.1.2)
    redis-actionpack (5.1.0)
      actionpack (>= 4.0, < 7)
      redis-rack (>= 1, < 3)
      redis-store (>= 1.1.0, < 2)
    redis-activesupport (5.3.0)
      activesupport (>= 3, < 8)
      redis-store (>= 1.3, < 2)
    redis-rack (2.0.6)
      rack (>= 1.5, < 3)
      redis-store (>= 1.2, < 2)
    redis-rails (5.0.2)
      redis-actionpack (>= 5.0, < 6)
      redis-activesupport (>= 5.0, < 6)
      redis-store (>= 1.2, < 2)
    redis-store (1.9.1)
      redis (>= 4, < 5)
    regexp_parser (1.6.0)
    request_store (1.5.1)
      rack (>= 1.4)
    rest-client (2.1.0)
      http-accept (>= 1.7.0, < 2.0)
      http-cookie (>= 1.0.2, < 2.0)
      mime-types (>= 1.16, < 4.0)
      netrc (~> 0.8)
    rolify (5.3.0)
    rspec-activejob (0.6.1)
      activejob (>= 4.2)
      rspec-mocks
    rspec-core (3.8.2)
      rspec-support (~> 3.8.0)
    rspec-expectations (3.8.4)
      diff-lcs (>= 1.2.0, < 2.0)
      rspec-support (~> 3.8.0)
    rspec-mocks (3.8.1)
      diff-lcs (>= 1.2.0, < 2.0)
      rspec-support (~> 3.8.0)
    rspec-rails (3.8.2)
      actionpack (>= 3.0)
      activesupport (>= 3.0)
      railties (>= 3.0)
      rspec-core (~> 3.8.0)
      rspec-expectations (~> 3.8.0)
      rspec-mocks (~> 3.8.0)
      rspec-support (~> 3.8.0)
    rspec-support (3.8.2)
    rubocop (0.74.0)
      jaro_winkler (~> 1.5.1)
      parallel (~> 1.10)
      parser (>= 2.6)
      rainbow (>= 2.2.2, < 4.0)
      ruby-progressbar (~> 1.7)
      unicode-display_width (>= 1.4.0, < 1.7)
    rubocop-performance (1.4.1)
      rubocop (>= 0.71.0)
    ruby-progressbar (1.10.1)
    ruby-vips (2.1.4)
      ffi (~> 1.12)
    ruby_dep (1.5.0)
    sidekiq (5.2.7)
      connection_pool (~> 2.2, >= 2.2.2)
      rack (>= 1.5.0)
      rack-protection (>= 1.5.0)
      redis (>= 3.3.5, < 5)
    simplecov (0.17.1)
      docile (~> 1.1)
      json (>= 1.8, < 3)
      simplecov-html (~> 0.10.0)
    simplecov-html (0.10.2)
    spring (2.0.2)
      activesupport (>= 4.2)
    spring-watcher-listen (2.0.1)
      listen (>= 2.7, < 4.0)
      spring (>= 1.2, < 3.0)
    sprockets (3.7.2)
      concurrent-ruby (~> 1.0)
      rack (> 1, < 3)
    sprockets-rails (3.2.1)
      actionpack (>= 4.0)
      activesupport (>= 4.0)
      sprockets (>= 3.0.0)
    sshkit (1.20.0)
      net-scp (>= 1.1.2)
      net-ssh (>= 2.8.0)
    ssrf_filter (1.1.1)
    thor (0.20.3)
    thread_safe (0.3.6)
    timecop (0.9.1)
    to_regexp (0.2.1)
    tzinfo (1.2.10)
      thread_safe (~> 0.1)
    unf (0.1.4)
      unf_ext
    unf_ext (0.0.8.2)
    unicode-display_width (1.6.0)
    uniform_notifier (1.13.0)
    virtus (1.0.5)
      axiom-types (~> 0.1)
      coercible (~> 1.0)
      descendants_tracker (~> 0.0, >= 0.0.3)
      equalizer (~> 0.0, >= 0.0.9)
    websocket-driver (0.7.1)
      websocket-extensions (>= 0.1.0)
    websocket-extensions (0.1.4)
    xpath (3.2.0)
      nokogiri (~> 1.8)

PLATFORMS
  ruby

DEPENDENCIES
  aasm (~> 4.12)
  action-store (~> 0.4)
  acts-as-taggable-on (~> 6.0)
  acts_as_commentable_with_threading (~> 2.0.1)
  annotate
  awesome_print
  bcrypt (~> 3.1.7)
  bcrypt_pbkdf (>= 1.0, < 2.0)
  bootsnap (>= 1.1.0)
  bugsnag (~> 6.12)
  byebug
  capistrano (~> 3.11)
  capistrano-rails (~> 1.3)
  capistrano-rvm (~> 0.1.2)
  capistrano-sidekiq (~> 1.0.2)!
  capistrano3-puma (~> 3.1.1)
  carrierwave (~> 2.0)
  carrierwave-i18n
  cucumber
  cucumber-api-steps
  cucumber-rails
  database_cleaner
  ed25519 (>= 1.2, < 2.0)
  factory_bot_rails
  ffaker (~> 2.9)
  figaro (~> 1.1)
  grape (~> 1.2)
  grape-entity (~> 0.7)
  grape-papertrail (~> 0.2)
  grape-rails-cache (~> 0.1.2)
  grape-swagger (~> 0.32)
  grape-swagger-entity (~> 0.3)
  grape-swagger-rails (~> 0.3)
  graphiql-rails (~> 1.7.0)
  graphql (~> 1.9)
  hashie (~> 3.6)
  hashie-forbidden_attributes (~> 0.1.1)
  http_store (= 0.5.3)!
  jwt (~> 2.1)
  kaminari (~> 0.17)
  listen (>= 3.0.5, < 3.2)
  mysql2 (>= 0.4.4, < 0.6.0)
  paper_trail (~> 10.3)
  pry-byebug
  pry-rails
  puma (~> 3.0)
  pundit
  rack-cors
  rails
  rails-i18n
  ransack (~> 2.3)
  redis
  redis-rails (~> 5.0.2)
  rolify (~> 5.2)
  rspec-activejob (~> 0.6)
  rspec-rails (~> 3.8)
  rubocop
  rubocop-performance
  sidekiq (~> 5.2)
  simplecov
  spring
  spring-watcher-listen (~> 2.0.0)
  timecop
  tzinfo-data
  uniform_notifier

RUBY VERSION
   ruby 2.6.5p114

BUNDLED WITH
   2.2.26
